PATH
  remote: ../conceptql
  specs:
    conceptql (0.2.0)
      csv2xlsx (~> 0)
      facets (~> 3.0)
      ruby-graphviz (~> 1.2)
      sequelizer (~> 0.0)
      thor (~> 0.19)

PATH
  remote: ../sequelizer
  specs:
    sequelizer (0.0.6)
      dotenv (~> 0.11)
      hashie (~> 3.2)
      sequel (~> 4.12)
      thor (~> 0.19)

GEM
  remote: https://rubygems.org/
  specs:
    axlsx (2.0.1)
      htmlentities (~> 4.3.1)
      nokogiri (>= 1.4.1)
      rubyzip (~> 1.0.0)
    csv2xlsx (0.0.1)
      axlsx
    dotenv (0.11.1)
      dotenv-deployment (~> 0.0.2)
    dotenv-deployment (0.0.2)
    facets (3.0.0)
    hashie (3.4.3)
    htmlentities (4.3.4)
    mini_portile2 (2.0.0)
    nokogiri (1.6.7.2)
      mini_portile2 (~> 2.0.0.rc2)
    pg (0.18.4)
    ruby-graphviz (1.2.2)
    rubyzip (1.0.0)
    sequel (4.31.0)
    thor (0.19.1)

PLATFORMS
  ruby

DEPENDENCIES
  conceptql!
  pg
  sequelizer!

BUNDLED WITH
   1.11.2
